GEM
  remote: https://rubygems.org/
  specs:
    nio4r (2.5.8)
    puma (4.3.9)
      nio4r (~> 2.0)
    rack (2.0.6)
    rack-contrib (2.1.0)
      rack (~> 2.0)

PLATFORMS
  ruby

DEPENDENCIES
  puma
  rack-contrib

RUBY VERSION
   ruby 2.5.1p57

BUNDLED WITH
   1.15.2
