GEM
  remote: https://rubygems.org/
  specs:
    puma (3.11.4)
    rack (2.2.6.4)
    rack-contrib (2.1.0)
      rack (~> 2.0)

PLATFORMS
  ruby

DEPENDENCIES
  puma
  rack-contrib

RUBY VERSION
   ruby 2.5.1p57

BUNDLED WITH
   1.15.2
